GEM
  remote: https://rubygems.org/
  specs:
    binding_of_caller (0.7.2)
      debug_inspector (>= 0.0.1)
    coderay (1.1.0)
    columnize (0.8.9)
    debug_inspector (0.0.2)
    debugger (1.6.8)
      columnize (>= 0.3.1)
      debugger-linecache (~> 1.2.0)
      debugger-ruby_core_source (~> 1.3.5)
    debugger-linecache (1.2.0)
    debugger-ruby_core_source (1.3.5)
    ffi (1.9.3)
    ffi-compiler (0.1.3)
      ffi (>= 1.0.0)
      rake
    http-parser (1.0.5)
      ffi-compiler (>= 0.0.2)
      rake
    libuv (1.0.0)
      ffi (>= 1.9)
      ruby-tls (>= 1.0.3)
      thread_safe
    method_source (0.8.2)
    pry (0.9.12.6)
      coderay (~> 1.0)
      method_source (~> 0.8)
      slop (~> 3.4)
    pry-debugger (0.2.2)
      debugger (~> 1.3)
      pry (~> 0.9.10)
    pry-stack_explorer (0.4.9.1)
      binding_of_caller (>= 0.7)
      pry (>= 0.9.11)
    rack (1.5.2)
    radix (2.2.0)
    rake (10.3.2)
    ruby-tls (1.0.3)
      ffi-compiler (>= 0.0.2)
      rake
    slop (3.5.0)
    spider-gazelle (1.0.0)
      http-parser
      libuv (>= 1.0.0)
      rack (>= 1.0.0)
      radix
      rake
      thread_safe
      websocket-driver
    thread_safe (0.3.4)
    websocket-driver (0.3.3)

PLATFORMS
  ruby

DEPENDENCIES
  pry
  pry-debugger
  pry-stack_explorer
  rack
  spider-gazelle
