GEM
  remote: https://rubygems.org/
  specs:
    ffi (1.9.3)
    ffi-compiler (0.1.3)
      ffi (>= 1.0.0)
      rake
    http-parser (1.0.5)
      ffi-compiler (>= 0.0.2)
      rake
    libuv (1.0.0)
      ffi (>= 1.9)
      ruby-tls (>= 1.0.3)
      thread_safe
    rack (1.5.2)
    rack-protection (1.5.3)
      rack
    radix (2.2.0)
    rake (10.3.2)
    ruby-tls (1.0.3)
      ffi-compiler (>= 0.0.2)
      rake
    sinatra (1.4.5)
      rack (~> 1.4)
      rack-protection (~> 1.4)
      tilt (~> 1.3, >= 1.3.4)
    spider-gazelle (1.0.0)
      http-parser
      libuv (>= 1.0.0)
      rack (>= 1.0.0)
      radix
      rake
      thread_safe
      websocket-driver
    thread_safe (0.3.4)
    tilt (1.4.1)
    websocket-driver (0.3.3)

PLATFORMS
  ruby

DEPENDENCIES
  sinatra
  spider-gazelle
